{
    "TaskName": "interictal",
    "Manufacturer": "n/a",
    "PowerLineFrequency": 60,
    "SamplingFrequency": 512.0,
    "SoftwareFilters": "n/a",
    "RecordingDuration": 299.998046875,
    "RecordingType": "continuous",
    "iEEGReference": "n/a",
    "ECOGChannelCount": 0,
    "SEEGChannelCount": 136,
    "EEGChannelCount": 0,
    "EOGChannelCount": 0,
    "ECGChannelCount": 0,
    "EMGChannelCount": 0,
    "MiscChannelCount": 0,
    "TriggerChannelCount": 0
}
